PATH
  remote: .
  specs:
    minimization (0.2.1)
      rb-gsl (~> 1.2)
      text-table (~> 1.2)

GEM
  remote: https://www.rubygems.org/
  specs:
    diff-lcs (1.2.5)
    json_pure (1.8.1)
    narray (0.6.0.9)
    rake (10.3.2)
    rb-gsl (1.16.0.2)
      narray (>= 0.5.9)
    rspec (3.0.0)
      rspec-core (~> 3.0.0)
      rspec-expectations (~> 3.0.0)
      rspec-mocks (~> 3.0.0)
    rspec-core (3.0.4)
      rspec-support (~> 3.0.0)
    rspec-expectations (3.0.4)
      diff-lcs (>= 1.2.0, < 2.0)
      rspec-support (~> 3.0.0)
    rspec-mocks (3.0.4)
      rspec-support (~> 3.0.0)
    rspec-support (3.0.4)
    rubyforge (2.0.4)
      json_pure (>= 1.1.7)
    text-table (1.2.3)

PLATFORMS
  ruby

DEPENDENCIES
  bundler (~> 1.3)
  minimization!
  rake (~> 10)
  rspec
  rubyforge (~> 2.0)
